GEM
  remote: https://rubygems.org/
  specs:
    bond (0.4.3)
    dalli (2.6.4)
    json (1.8.0)
    kgio (2.8.0)
    memcachier (0.0.2)
    mini_portile (0.5.1)
    nestful (1.0.5)
    nokogiri (1.6.0)
      mini_portile (~> 0.5.0)
    rack (1.5.2)
    rack-protection (1.5.0)
      rack
    rack-test (0.6.2)
      rack (>= 1.0)
    raindrops (0.11.0)
    ripl (0.7.0)
      bond (~> 0.4.2)
    ripl-multi_line (0.3.1)
      ripl (>= 0.3.6)
    ripl-rack (0.2.0)
      rack (>= 1.0)
      rack-test (>= 0.5)
      ripl (>= 0.3.5)
    shotgun (0.9)
      rack (>= 1.0)
    sinatra (1.4.3)
      rack (~> 1.4)
      rack-protection (~> 1.4)
      tilt (~> 1.3, >= 1.3.4)
    tilt (1.4.1)
    tux (0.3.0)
      ripl (>= 0.3.5)
      ripl-multi_line (>= 0.2.4)
      ripl-rack (>= 0.2.0)
      sinatra (>= 1.2.1)
    unicorn (4.6.3)
      kgio (~> 2.6)
      rack
      raindrops (~> 0.7)

PLATFORMS
  ruby

DEPENDENCIES
  dalli
  json
  memcachier
  nestful
  nokogiri
  shotgun
  sinatra
  tux
  unicorn
